GEM
  remote: http://rubygems.org/
  specs:
    rack (1.6.5)
    rack-protection (1.5.3)
      rack
    rainbow (2.2.1)
    ruby_http_client (3.0.1)
    sendgrid-ruby (4.0.7)
      ruby_http_client (~> 3.0.1)
    sinatra (1.4.7)
      rack (~> 1.5)
      rack-protection (~> 1.4)
      tilt (>= 1.3, < 3)
    tilt (2.0.6)

PLATFORMS
  ruby

DEPENDENCIES
  rainbow
  sendgrid-ruby
  sinatra

RUBY VERSION
   ruby 2.2.6p396

BUNDLED WITH
   1.14.3
